PATH
  remote: .
  specs:
    dem-curves (0.0.1)

GEM
  remote: https://rubygems.org/
  specs:
    ffi (1.9.6)
    nice-ffi (0.4)
      ffi (>= 0.5.0)
    rake (10.4.2)
    ruby-sdl-ffi (0.4)
      nice-ffi (>= 0.2)
    rubygame (2.6.4)
      rake (>= 0.7.0)
      ruby-sdl-ffi (>= 0.1.0)

PLATFORMS
  ruby

DEPENDENCIES
  dem-curves!
  rubygame (>= 2.6.0)
